GEM
  remote: http://rubygems.org/
  specs:
    sqlite3 (1.3.13)

PLATFORMS
  ruby

DEPENDENCIES
  sqlite3

BUNDLED WITH
   1.16.2
